GIT
  remote: git://github.com/ello/kinesis-stream-reader.git
  revision: 19b0880b185373abfcd86ed079db23a01859c18c
  specs:
    kinesis-stream-reader (0.1.0)
      activesupport
      avro
      aws-sdk-core
      redis

GEM
  remote: https://rubygems.org/
  specs:
    activesupport (4.2.6)
      i18n (~> 0.7)
      json (~> 1.7, >= 1.7.7)
      minitest (~> 5.1)
      thread_safe (~> 0.3, >= 0.3.4)
      tzinfo (~> 1.1)
    addressable (2.3.8)
    aggregate (0.2.2)
    avro (1.7.7)
      multi_json
    aws-sdk-core (2.1.36)
      jmespath (~> 1.0)
    coderay (1.1.0)
    crack (0.4.2)
      safe_yaml (~> 1.0.0)
    diff-lcs (1.2.5)
    dotenv (2.0.2)
    fakeredis (0.5.0)
      redis (~> 3.0)
    faraday (0.9.1)
      multipart-post (>= 1.2, < 3)
    gibbon (2.2.1)
      faraday (>= 0.9.1)
      multi_json (>= 1.11.0)
    honeybadger (2.1.0)
    i18n (0.7.0)
    jmespath (1.1.3)
    json (1.8.3)
    librato-metrics (1.5.1)
      aggregate (~> 0.2.2)
      faraday (~> 0.7)
      multi_json
    method_source (0.8.2)
    minitest (5.8.4)
    multi_json (1.11.2)
    multipart-post (2.0.0)
    pry (0.10.1)
      coderay (~> 1.1.0)
      method_source (~> 0.8.1)
      slop (~> 3.4)
    rake (10.4.2)
    redis (3.2.2)
    rspec (3.3.0)
      rspec-core (~> 3.3.0)
      rspec-expectations (~> 3.3.0)
      rspec-mocks (~> 3.3.0)
    rspec-core (3.3.2)
      rspec-support (~> 3.3.0)
    rspec-expectations (3.3.1)
      diff-lcs (>= 1.2.0, < 2.0)
      rspec-support (~> 3.3.0)
    rspec-mocks (3.3.2)
      diff-lcs (>= 1.2.0, < 2.0)
      rspec-support (~> 3.3.0)
    rspec-support (3.3.0)
    safe_yaml (1.0.4)
    slop (3.6.0)
    thread_safe (0.3.5)
    timecop (0.8.0)
    tzinfo (1.2.2)
      thread_safe (~> 0.1)
    vcr (2.9.3)
    webmock (1.20.4)
      addressable (>= 2.3.6)
      crack (>= 0.3.2)

PLATFORMS
  ruby

DEPENDENCIES
  activesupport (~> 4.2.3)
  avro (~> 1.7.7)
  aws-sdk-core (~> 2.1.13)
  bundler (~> 1.10)
  dotenv
  fakeredis
  gibbon (>= 2.0.0)
  honeybadger
  kinesis-stream-reader!
  librato-metrics
  pry
  rake (~> 10.0)
  redis (~> 3.2.1)
  rspec
  timecop
  vcr
  webmock

BUNDLED WITH
   1.11.2
