GEM
  remote: https://rubygems.org/
  specs:
    avro (1.7.7)
      multi_json
    aws-sdk-core (2.1.13)
      jmespath (~> 1.0)
    dotenv (2.0.2)
    jmespath (1.0.2)
      multi_json (~> 1.0)
    multi_json (1.11.2)
    redis (3.2.1)

PLATFORMS
  ruby

DEPENDENCIES
  avro
  aws-sdk-core
  dotenv
  redis

BUNDLED WITH
   1.10.4
