GIT
  remote: git://github.com/ello/kinesis-stream-reader.git
  revision: f70d853bb8340646bf1d8cd4315968244a12f886
  specs:
    kinesis-stream-reader (0.1.0)
      activesupport
      avro (~> 1.7.7)
      aws-sdk-core (~> 2.2.26)
      librato-metrics
      redis (~> 3.2.2)

GEM
  remote: https://rubygems.org/
  specs:
    activesupport (4.2.7.1)
      i18n (~> 0.7)
      json (~> 1.7, >= 1.7.7)
      minitest (~> 5.1)
      thread_safe (~> 0.3, >= 0.3.4)
      tzinfo (~> 1.1)
    addressable (2.4.0)
    aggregate (0.2.2)
    avro (1.7.7)
      multi_json
    aws-sdk-core (2.2.37)
      jmespath (~> 1.0)
    coderay (1.1.1)
    crack (0.4.3)
      safe_yaml (~> 1.0.0)
    diff-lcs (1.2.5)
    dotenv (2.1.0)
    fakeredis (0.5.0)
      redis (~> 3.0)
    faraday (0.9.2)
      multipart-post (>= 1.2, < 3)
    gibbon (2.2.3)
      faraday (>= 0.9.1)
      multi_json (>= 1.11.0)
    hashdiff (0.3.0)
    honeybadger (2.5.3)
    i18n (0.7.0)
    jmespath (1.3.1)
    json (1.8.3)
    librato-metrics (2.0.1)
      aggregate (~> 0.2.2)
      faraday
    method_source (0.8.2)
    minitest (5.9.1)
    multi_json (1.12.1)
    multipart-post (2.0.0)
    pry (0.10.3)
      coderay (~> 1.1.0)
      method_source (~> 0.8.1)
      slop (~> 3.4)
    rake (10.5.0)
    redis (3.2.2)
    rspec (3.4.0)
      rspec-core (~> 3.4.0)
      rspec-expectations (~> 3.4.0)
      rspec-mocks (~> 3.4.0)
    rspec-core (3.4.4)
      rspec-support (~> 3.4.0)
    rspec-expectations (3.4.0)
      diff-lcs (>= 1.2.0, < 2.0)
      rspec-support (~> 3.4.0)
    rspec-mocks (3.4.1)
      diff-lcs (>= 1.2.0, < 2.0)
      rspec-support (~> 3.4.0)
    rspec-support (3.4.1)
    safe_yaml (1.0.4)
    slop (3.6.0)
    thread_safe (0.3.5)
    timecop (0.8.0)
    tzinfo (1.2.2)
      thread_safe (~> 0.1)
    vcr (3.0.1)
    webmock (1.24.2)
      addressable (>= 2.3.6)
      crack (>= 0.3.2)
      hashdiff

PLATFORMS
  ruby

DEPENDENCIES
  activesupport (~> 4.2.3)
  bundler (~> 1.10)
  dotenv
  fakeredis
  gibbon (>= 2.0.0)
  honeybadger
  kinesis-stream-reader!
  pry
  rake (~> 10.0)
  rspec
  timecop
  vcr
  webmock

RUBY VERSION
   ruby 2.3.0p0

BUNDLED WITH
   1.12.5
