PATH
  remote: .
  specs:
    ello-kinesis-consumer (0.1.0)
      avro (~> 1.7.7)
      aws-sdk-core (~> 2.1.13)
      redis (~> 3.2.1)

GEM
  remote: https://rubygems.org/
  specs:
    addressable (2.3.8)
    avro (1.7.7)
      multi_json
    aws-sdk-core (2.1.13)
      jmespath (~> 1.0)
    coderay (1.1.0)
    crack (0.4.2)
      safe_yaml (~> 1.0.0)
    diff-lcs (1.2.5)
    dotenv (2.0.2)
    fakeredis (0.5.0)
      redis (~> 3.0)
    jmespath (1.0.2)
      multi_json (~> 1.0)
    method_source (0.8.2)
    multi_json (1.11.2)
    pry (0.10.1)
      coderay (~> 1.1.0)
      method_source (~> 0.8.1)
      slop (~> 3.4)
    rake (10.4.2)
    redis (3.2.1)
    rspec (3.3.0)
      rspec-core (~> 3.3.0)
      rspec-expectations (~> 3.3.0)
      rspec-mocks (~> 3.3.0)
    rspec-core (3.3.2)
      rspec-support (~> 3.3.0)
    rspec-expectations (3.3.1)
      diff-lcs (>= 1.2.0, < 2.0)
      rspec-support (~> 3.3.0)
    rspec-mocks (3.3.2)
      diff-lcs (>= 1.2.0, < 2.0)
      rspec-support (~> 3.3.0)
    rspec-support (3.3.0)
    safe_yaml (1.0.4)
    slop (3.6.0)
    timecop (0.8.0)
    vcr (2.9.3)
    webmock (1.20.4)
      addressable (>= 2.3.6)
      crack (>= 0.3.2)

PLATFORMS
  ruby

DEPENDENCIES
  bundler (~> 1.10)
  dotenv
  ello-kinesis-consumer!
  fakeredis
  pry
  rake (~> 10.0)
  rspec
  timecop
  vcr
  webmock

BUNDLED WITH
   1.10.4
